GEM
  remote: https://rubygems.org/
  specs:
    discordrb (3.4.0)
      discordrb-webhooks (~> 3.3.0)
      ffi (>= 1.9.24)
      opus-ruby
      rest-client (>= 2.0.0)
      websocket-client-simple (>= 0.3.0)
    discordrb-webhooks (3.3.0)
      rest-client (>= 2.1.0.rc1)
    domain_name (0.5.20190701)
      unf (>= 0.0.5, < 1.0.0)
    dotenv (2.7.6)
    event_emitter (0.2.6)
    ffi (1.15.4-x64-mingw32)
    http-accept (1.7.0)
    http-cookie (1.0.4)
      domain_name (~> 0.5)
    mime-types (3.4.1)
      mime-types-data (~> 3.2015)
    mime-types-data (3.2021.1115)
    mustermann (1.1.1)
      ruby2_keywords (~> 0.0.1)
    netrc (0.11.0)
    opus-ruby (1.0.1)
      ffi
    rack (2.2.3)
    rack-protection (2.1.0)
      rack
    rake (13.0.6)
    rest-client (2.1.0-x64-mingw32)
      ffi (~> 1.9)
      http-accept (>= 1.7.0, < 2.0)
      http-cookie (>= 1.0.2, < 2.0)
      mime-types (>= 1.16, < 4.0)
      netrc (~> 0.8)
    ruby2_keywords (0.0.5)
    sinatra (2.1.0)
      mustermann (~> 1.0)
      rack (~> 2.2)
      rack-protection (= 2.1.0)
      tilt (~> 2.0)
    tilt (2.0.10)
    unf (0.1.4)
      unf_ext
    unf_ext (0.0.8-x64-mingw32)
    websocket (1.2.9)
    websocket-client-simple (0.3.0)
      event_emitter
      websocket
    zeitwerk (2.5.1)

PLATFORMS
  x64-mingw32

DEPENDENCIES
  discordrb
  dotenv
  rake
  sinatra
  zeitwerk

RUBY VERSION
   ruby 2.7.2p137

BUNDLED WITH
   2.2.31
